GEM
  remote: https://rubygems.org/
  specs:
    bootstrap-sass (3.1.1.0)
      sass (~> 3.2)
    chunky_png (1.3.0)
    compass (0.12.2)
      chunky_png (~> 1.2)
      fssm (>= 0.2.7)
      sass (~> 3.1)
    fssm (0.2.10)
    sass (3.3.4)
    susy (2.1.1)
      sass (~> 3.3.0)

PLATFORMS
  ruby

DEPENDENCIES
  bootstrap-sass
  compass
  susy
